NUGET
  remote: https://nuget.org/api/v2
  specs:
    FAKE (3.28.0)
    OpenTK (1.1.1589.5942)
