NUGET
  remote: https://nuget.org/api/v2
  specs:
    OpenTK (1.1.1589.5942)
