NUGET
  remote: https://nuget.org/api/v2
  specs:
    FAKE (3.28.0)
    FsUnit (1.3.0.1)
      NUnit (>= 2.6.3)
    NUnit (2.6.4)
    OpenTK (1.1.1589.5942)
